GEM
  remote: https://rubygems.org/
  specs:
    andand (1.3.3)
    mini_portile (0.6.2)
    nokogiri (1.6.6.2)
      mini_portile (~> 0.6.0)
    sqlite3 (1.3.10)

PLATFORMS
  ruby

DEPENDENCIES
  andand (~> 1.3.3)
  nokogiri (~> 1.6.6.2)
  sqlite3 (~> 1.3.10)
